PATH
  remote: .
  specs:
    sherbet (0.1.0)
      faker (~> 2.2.1)
      thor (~> 0.20.3)

GEM
  remote: https://rubygems.org/
  specs:
    concurrent-ruby (1.1.5)
    faker (2.2.1)
      i18n (>= 0.8)
    i18n (1.6.0)
      concurrent-ruby (~> 1.0)
    rake (13.0.1)
    thor (0.20.3)

PLATFORMS
  ruby

DEPENDENCIES
  bundler (~> 1.17)
  rake (~> 13.0)
  sherbet!

BUNDLED WITH
   1.17.2
